GEM
  remote: http://rubygems.org/
  specs:
    addressable (2.3.2)
    coderay (1.0.8)
    diff-lcs (1.1.3)
    em-websocket (0.3.8)
      addressable (>= 2.1.1)
      eventmachine (>= 0.12.9)
    eventmachine (1.0.0)
    file-tail (1.0.12)
      tins (~> 0.5)
    method_source (0.8.1)
    pry (0.9.10)
      coderay (~> 1.0.5)
      method_source (~> 0.8)
      slop (~> 3.3.1)
    redis (3.0.2)
    rspec (2.11.0)
      rspec-core (~> 2.11.0)
      rspec-expectations (~> 2.11.0)
      rspec-mocks (~> 2.11.0)
    rspec-core (2.11.1)
    rspec-expectations (2.11.3)
      diff-lcs (~> 1.1.3)
    rspec-mocks (2.11.3)
    slop (3.3.3)
    tins (0.6.0)

PLATFORMS
  ruby

DEPENDENCIES
  em-websocket
  eventmachine
  file-tail
  pry
  redis
  rspec
